GEM
  remote: http://rubygems.org/
  specs:
    activesupport (4.2.6)
      i18n (~> 0.7)
      json (~> 1.7, >= 1.7.7)
      minitest (~> 5.1)
      thread_safe (~> 0.3, >= 0.3.4)
      tzinfo (~> 1.1)
    addressable (2.3.8)
    i18n (0.7.0)
    json (1.8.3)
    mime-types (1.25.1)
    mini_portile2 (2.0.0)
    minitest (5.8.4)
    mustache (1.0.2)
    nokogiri (1.6.7.2)
      mini_portile2 (~> 2.0.0.rc2)
    rest-client (1.6.9)
      mime-types (~> 1.16)
    thread_safe (0.3.5)
    tzinfo (1.2.2)
      thread_safe (~> 0.1)
    unirest (1.1.2)
      addressable (~> 2.3.5)
      json (~> 1.8.1)
      rest-client (~> 1.6.7)
    wedding_registry_scraper (0.0.7)
      activesupport (~> 4.2)
      nokogiri (~> 1.6)
      unirest (~> 1.1, >= 1.1.2)

PLATFORMS
  ruby

DEPENDENCIES
  mustache
  wedding_registry_scraper
